PATH
  remote: .
  specs:
    git-review (1.1.6)
      launchy
      octokit (>= 2.0.0.rc2)
      yajl-ruby

GEM
  remote: http://rubygems.org/
  specs:
    addressable (2.3.5)
    diff-lcs (1.2.4)
    faraday (0.9.0.rc5)
      multipart-post (~> 1.1)
    launchy (2.3.0)
      addressable (~> 2.3)
    multipart-post (1.2.0)
    octokit (2.0.0.rc2)
      sawyer (~> 0.1.0)
    rspec (2.13.0)
      rspec-core (~> 2.13.0)
      rspec-expectations (~> 2.13.0)
      rspec-mocks (~> 2.13.0)
    rspec-core (2.13.1)
    rspec-expectations (2.13.0)
      diff-lcs (>= 1.1.3, < 2.0)
    rspec-mocks (2.13.1)
    sawyer (0.1.0)
      faraday (~> 0.9.rc5)
      uri_template (~> 0.5.0)
    uri_template (0.5.3)
    yajl-ruby (1.1.0)

PLATFORMS
  ruby

DEPENDENCIES
  git-review!
  rspec
